GEM
  remote: https://rubygems.org/
  specs:
    activemodel (3.2.12)
      activesupport (= 3.2.12)
      builder (~> 3.0.0)
    activerecord (3.2.12)
      activemodel (= 3.2.12)
      activesupport (= 3.2.12)
      arel (~> 3.0.2)
      tzinfo (~> 0.3.29)
    activesupport (3.2.12)
      i18n (~> 0.6)
      multi_json (~> 1.0)
    arel (3.0.2)
    builder (3.0.4)
    diff-lcs (1.2.1)
    git (1.2.5)
    i18n (0.6.4)
    jeweler (1.8.4)
      bundler (~> 1.0)
      git (>= 1.2.5)
      rake
      rdoc
    mongoid (3.0.13)
      activemodel (~> 3.1)
      moped (~> 1.1)
      origin (~> 1.0)
      tzinfo (~> 0.3.22)
    moped (1.3.0)
    multi_json (1.6.1)
    origin (1.0.10)
    rake (10.0.3)
    rdoc (4.0.0)
    redis (3.0.3)
    redis-objects (0.7.0)
      redis (>= 3.0.2)
    rspec (2.13.0)
      rspec-core (~> 2.13.0)
      rspec-expectations (~> 2.13.0)
      rspec-mocks (~> 2.13.0)
    rspec-core (2.13.1)
    rspec-expectations (2.13.0)
      diff-lcs (>= 1.1.3, < 2.0)
    rspec-mocks (2.13.0)
    sqlite3 (1.3.7)
    tzinfo (0.3.36)

PLATFORMS
  ruby

DEPENDENCIES
  activerecord
  activesupport
  bundler
  jeweler
  mongoid
  rake
  redis-objects
  rspec
  sqlite3
